PATH
  remote: .
  specs:
    deserializer (0.5.0)
      activesupport

GEM
  remote: https://rubygems.org/
  specs:
    activesupport (4.2.4)
      i18n (~> 0.7)
      json (~> 1.7, >= 1.7.7)
      minitest (~> 5.1)
      thread_safe (~> 0.3, >= 0.3.4)
      tzinfo (~> 1.1)
    docile (1.1.5)
    i18n (0.7.0)
    json (1.8.3)
    minitest (5.7.0)
    multi_json (1.11.1)
    rake (10.4.2)
    simplecov (0.9.2)
      docile (~> 1.1.0)
      multi_json (~> 1.0)
      simplecov-html (~> 0.9.0)
    simplecov-html (0.9.0)
    thread_safe (0.3.5)
    tzinfo (1.2.2)
      thread_safe (~> 0.1)

PLATFORMS
  ruby

DEPENDENCIES
  bundler (~> 1.6)
  deserializer!
  minitest
  rake
  simplecov
